PATH
  remote: .
  specs:
    harmonized_tariff (0.0.3)
      activesupport
      builder
      heredoc_unindent

GEM
  remote: https://rubygems.org/
  specs:
    activesupport (3.2.13)
      i18n (= 0.6.1)
      multi_json (~> 1.0)
    builder (3.2.0)
    heredoc_unindent (1.1.2)
    i18n (0.6.1)
    multi_json (1.7.2)
    rake (10.0.4)

PLATFORMS
  ruby

DEPENDENCIES
  bundler (~> 1.3)
  harmonized_tariff!
  rake
